GEM
  remote: https://rubygems.org/
  specs:
    diff-lcs (1.3)
    rake (11.1.1)
    rspec (3.6.0)
      rspec-core (~> 3.6.0)
      rspec-expectations (~> 3.6.0)
      rspec-mocks (~> 3.6.0)
    rspec-core (3.6.0)
      rspec-support (~> 3.6.0)
    rspec-expectations (3.6.0)
      diff-lcs (>= 1.2.0, < 2.0)
      rspec-support (~> 3.6.0)
    rspec-mocks (3.6.0)
      diff-lcs (>= 1.2.0, < 2.0)
      rspec-support (~> 3.6.0)
    rspec-support (3.6.0)
    zipruby (0.3.6)

PLATFORMS
  ruby

DEPENDENCIES
  rake
  rspec (~> 3.6.0)
  zipruby (~> 0.3.6)

BUNDLED WITH
   1.11.2
